GEM
  remote: http://rubygems.org/
  specs:
    gemcutter (0.6.1)
    git (1.2.5)
    highline (1.6.1)
    jeweler (1.4.0)
      gemcutter (>= 0.1.0)
      git (>= 1.2.5)
      rubyforge (>= 2.0.0)
    json_pure (1.4.6)
    libxml-ruby (1.1.4)
    linecache (0.43)
    mocha (0.9.8)
      rake
    nokogiri (1.4.3.1)
    rake (0.8.7)
    rcov (0.9.9)
    rspec (1.3.0)
    ruby-debug-base (0.10.4)
      linecache (>= 0.3)
    ruby-debug-ide (0.4.11)
      rake (>= 0.8.1)
    rubyforge (2.0.4)
      json_pure (>= 1.1.7)
    rubyzip (0.9.4)
    zipit (0.3.4)
      rubyzip (>= 0.9.4)

PLATFORMS
  ruby

DEPENDENCIES
  gemcutter
  highline
  jeweler
  json_pure
  libxml-ruby
  mocha
  nokogiri
  rake
  rcov
  rspec
  ruby-debug-base
  ruby-debug-ide
  zipit
